GIT
  remote: git://github.com/csdn-dev/second_level_cache.git
  revision: 08f0b7b88de51883cf0bba9652435e2124e573a4
  specs:
    second_level_cache (1.6.0)
      activesupport (~> 3.2.0)

GIT
  remote: git://github.com/padrino/padrino-framework.git
  revision: da0d53e6acc777b92460969c4d7c28b22e367588
  specs:
    padrino-core (0.10.7)
      activesupport (>= 3.1.0)
      http_router (~> 0.10.2)
      sinatra (~> 1.3.1)
      thor (~> 0.16.0)
      tilt (~> 1.3.0)
    padrino-gen (0.10.7)
      bundler (~> 1.0)
      padrino-core (= 0.10.7)
    padrino-helpers (0.10.7)
      i18n (~> 0.6)
      padrino-core (= 0.10.7)

GIT
  remote: git://github.com/robbin/acts-as-taggable-on.git
  revision: f52d2b9347a30ce2bdbf4c2d8ad1a7ced7e50d86
  specs:
    acts-as-taggable-on (2.3.3)
      activerecord (~> 3.0)

GEM
  remote: http://rubygems.org/
  remote: http://ruby.taobao.org/
  specs:
    activemodel (3.2.12)
      activesupport (= 3.2.12)
      builder (~> 3.0.0)
    activerecord (3.2.12)
      activemodel (= 3.2.12)
      activesupport (= 3.2.12)
      arel (~> 3.0.2)
      tzinfo (~> 0.3.29)
    activesupport (3.2.12)
      i18n (~> 0.6)
      multi_json (~> 1.0)
    arel (3.0.2)
    bcrypt-ruby (3.0.1)
    builder (3.0.4)
    carrierwave (0.8.0)
      activemodel (>= 3.2.0)
      activesupport (>= 3.2.0)
    coderay (1.0.8)
    daemons (1.1.9)
    dalli (2.6.2)
    database_cleaner (0.9.1)
    erubis (2.7.0)
    eventmachine (1.0.0)
    factory_girl (4.2.0)
      activesupport (>= 3.0.0)
    faraday (0.8.5)
      multipart-post (~> 1.1)
    github-markdown (0.5.3)
    hashie (1.2.0)
    http_router (0.10.2)
      rack (>= 1.0.0)
      url_mount (~> 0.2.1)
    httpauth (0.2.0)
    i18n (0.6.1)
    json (1.7.7)
    jwt (0.1.5)
      multi_json (>= 1.0)
    kgio (2.8.0)
    method_source (0.8.1)
    mime-types (1.21)
    minitest (2.6.2)
    multi_json (1.5.1)
    multipart-post (1.1.5)
    mysql2 (0.3.11)
    nokogiri (1.5.6)
    oauth2 (0.8.0)
      faraday (~> 0.8)
      httpauth (~> 0.1)
      jwt (~> 0.1.4)
      multi_json (~> 1.0)
      rack (~> 1.2)
    pry (0.9.11.4)
      coderay (~> 1.0.5)
      method_source (~> 0.8)
      slop (~> 3.4)
    rack (1.5.2)
    rack-protection (1.3.2)
      rack
    rack-test (0.6.2)
      rack (>= 1.0)
    rainbows (4.4.3)
      kgio (~> 2.5)
      rack (~> 1.1)
      unicorn (~> 4.1)
    raindrops (0.10.0)
    rake (10.0.3)
    rest-client (1.6.7)
      mime-types (>= 1.16)
    sanitize (2.0.3)
      nokogiri (>= 1.4.4, < 1.6)
    sinatra (1.3.4)
      rack (~> 1.4)
      rack-protection (~> 1.3)
      tilt (~> 1.3, >= 1.3.3)
    slop (3.4.3)
    thin (1.5.0)
      daemons (>= 1.0.9)
      eventmachine (>= 0.12.6)
      rack (>= 1.0.0)
    thor (0.16.0)
    tilt (1.3.3)
    tzinfo (0.3.35)
    unicorn (4.6.0)
      kgio (~> 2.6)
      rack
      raindrops (~> 0.7)
    url_mount (0.2.1)
      rack
    weibo_2 (0.1.1)
      hashie (~> 1.2.0)
      json (~> 1.7.3)
      oauth2 (~> 0.8.0)
      rest-client (~> 1.6.7)
    will_paginate (3.0.4)

PLATFORMS
  ruby

DEPENDENCIES
  activerecord (~> 3.2)
  acts-as-taggable-on!
  bcrypt-ruby
  carrierwave
  dalli
  database_cleaner
  erubis (~> 2.7.0)
  factory_girl
  github-markdown
  kgio
  minitest (~> 2.6.0)
  mysql2
  padrino-core!
  padrino-gen!
  padrino-helpers!
  pry
  rack-test
  rainbows
  rake
  sanitize
  second_level_cache!
  thin
  unicorn
  weibo_2
  will_paginate
