GIT
  remote: git://github.com/csdn-dev/second_level_cache.git
  revision: 97005df106c7c41b8af827ed3cb71d478ef23294
  specs:
    second_level_cache (1.6.0)
      activesupport (~> 3.2.0)

GIT
  remote: git://github.com/padrino/padrino-framework.git
  revision: ff1a437d5b51359d58ae5636adbd73568d97d293
  specs:
    padrino (0.10.7)
      padrino-admin (= 0.10.7)
      padrino-cache (= 0.10.7)
      padrino-core (= 0.10.7)
      padrino-gen (= 0.10.7)
      padrino-helpers (= 0.10.7)
      padrino-mailer (= 0.10.7)
    padrino-admin (0.10.7)
      padrino-core (= 0.10.7)
      padrino-helpers (= 0.10.7)
    padrino-cache (0.10.7)
      padrino-core (= 0.10.7)
    padrino-core (0.10.7)
      activesupport (~> 3.2.0)
      http_router (~> 0.10.2)
      sinatra (~> 1.3.1)
      thor (~> 0.16.0)
      tilt (~> 1.3.0)
    padrino-gen (0.10.7)
      bundler (~> 1.0)
      padrino-core (= 0.10.7)
    padrino-helpers (0.10.7)
      i18n (~> 0.6)
      padrino-core (= 0.10.7)
    padrino-mailer (0.10.7)
      mail (~> 2.5.3)
      padrino-core (= 0.10.7)

GIT
  remote: git://github.com/robbin/acts-as-taggable-on.git
  revision: f52d2b9347a30ce2bdbf4c2d8ad1a7ced7e50d86
  specs:
    acts-as-taggable-on (2.3.3)
      activerecord (~> 3.0)

GEM
  remote: http://rubygems.org/
  specs:
    activemodel (3.2.11)
      activesupport (= 3.2.11)
      builder (~> 3.0.0)
    activerecord (3.2.11)
      activemodel (= 3.2.11)
      activesupport (= 3.2.11)
      arel (~> 3.0.2)
      tzinfo (~> 0.3.29)
    activesupport (3.2.11)
      i18n (~> 0.6)
      multi_json (~> 1.0)
    arel (3.0.2)
    bcrypt-ruby (3.0.1)
    builder (3.0.4)
    coderay (1.0.8)
    daemons (1.1.9)
    dalli (2.6.0)
    erubis (2.7.0)
    eventmachine (1.0.0)
    factory_girl (4.1.0)
      activesupport (>= 3.0.0)
    http_router (0.10.2)
      rack (>= 1.0.0)
      url_mount (~> 0.2.1)
    i18n (0.6.1)
    kgio (2.7.4)
    mail (2.5.3)
      i18n (>= 0.4.0)
      mime-types (~> 1.16)
      treetop (~> 1.4.8)
    method_source (0.8.1)
    mime-types (1.19)
    minitest (2.6.2)
    multi_json (1.5.0)
    mysql2 (0.3.11)
    polyglot (0.3.3)
    pry (0.9.10)
      coderay (~> 1.0.5)
      method_source (~> 0.8)
      slop (~> 3.3.1)
    rack (1.4.3)
    rack-protection (1.3.2)
      rack
    rack-test (0.6.2)
      rack (>= 1.0)
    rainbows (4.4.2)
      kgio (~> 2.5)
      rack (~> 1.1)
      unicorn (~> 4.1)
    raindrops (0.10.0)
    rake (10.0.3)
    sinatra (1.3.3)
      rack (~> 1.3, >= 1.3.6)
      rack-protection (~> 1.2)
      tilt (~> 1.3, >= 1.3.3)
    slop (3.3.3)
    thin (1.5.0)
      daemons (>= 1.0.9)
      eventmachine (>= 0.12.6)
      rack (>= 1.0.0)
    thor (0.16.0)
    tilt (1.3.3)
    treetop (1.4.12)
      polyglot
      polyglot (>= 0.3.1)
    tzinfo (0.3.35)
    unicorn (4.5.0)
      kgio (~> 2.6)
      rack
      raindrops (~> 0.7)
    url_mount (0.2.1)
      rack

PLATFORMS
  ruby

DEPENDENCIES
  activerecord
  acts-as-taggable-on!
  bcrypt-ruby
  dalli
  erubis (~> 2.7.0)
  factory_girl
  kgio
  minitest (~> 2.6.0)
  mysql2
  padrino!
  pry
  rack-test
  rainbows
  rake
  second_level_cache!
  thin
  unicorn
